PATH
  remote: ../clean_rogue
  specs:
    clean_rogue (0.0.1)

GEM
  remote: https://rubygems.org/
  specs:
    curses (1.2.5)
    dispel (0.1.0)
      curses

PLATFORMS
  ruby

DEPENDENCIES
  clean_rogue!
  dispel

BUNDLED WITH
   1.17.1
